GIT
  remote: https://github.com/rails/prototype-rails.git
  revision: 0fed929ff48c10c3b978edd3baa983a81f404dbf
  branch: 4.2
  specs:
    prototype-rails (4.0.0)
      rails (~> 4.0)

GIT
  remote: https://github.com/rails/prototype_legacy_helper.git
  revision: a2cd95c3e3c1a4f7a9566efdab5ce59c886cb05f
  specs:
    prototype_legacy_helper (0.0.0)

PATH
  remote: vendor/gems/riseuplabs-greencloth-0.1
  specs:
    greencloth (0.1)
      RedCloth (>= 4.2.2)

GEM
  remote: https://rubygems.org/
  specs:
    RedCloth (4.3.2)
    aasm (3.4.0)
    actionmailer (4.2.7.1)
      actionpack (= 4.2.7.1)
      actionview (= 4.2.7.1)
      activejob (= 4.2.7.1)
      mail (~> 2.5, >= 2.5.4)
      rails-dom-testing (~> 1.0, >= 1.0.5)
    actionpack (4.2.7.1)
      actionview (= 4.2.7.1)
      activesupport (= 4.2.7.1)
      rack (~> 1.6)
      rack-test (~> 0.6.2)
      rails-dom-testing (~> 1.0, >= 1.0.5)
      rails-html-sanitizer (~> 1.0, >= 1.0.2)
    actionpack-page_caching (1.0.2)
      actionpack (>= 4.0.0, < 5)
    actionview (4.2.7.1)
      activesupport (= 4.2.7.1)
      builder (~> 3.1)
      erubis (~> 2.7.0)
      rails-dom-testing (~> 1.0, >= 1.0.5)
      rails-html-sanitizer (~> 1.0, >= 1.0.2)
    activejob (4.2.7.1)
      activesupport (= 4.2.7.1)
      globalid (>= 0.3.0)
    activemodel (4.2.7.1)
      activesupport (= 4.2.7.1)
      builder (~> 3.1)
    activerecord (4.2.7.1)
      activemodel (= 4.2.7.1)
      activesupport (= 4.2.7.1)
      arel (~> 6.0)
    activesupport (4.2.7.1)
      i18n (~> 0.7)
      json (~> 1.7, >= 1.7.7)
      minitest (~> 5.1)
      thread_safe (~> 0.3, >= 0.3.4)
      tzinfo (~> 1.1)
    acts-as-taggable-on (3.5.0)
      activerecord (>= 3.2, < 5)
    acts_as_list (0.8.0)
      activerecord (>= 3.0)
    addressable (2.4.0)
    arel (6.0.3)
    bcrypt (3.1.11)
    builder (3.2.2)
    bundler-audit (0.5.0)
      bundler (~> 1.2)
      thor (~> 0.18)
    byebug (9.0.5)
    capybara (2.8.1)
      addressable
      mime-types (>= 1.16)
      nokogiri (>= 1.3.3)
      rack (>= 1.0.0)
      rack-test (>= 0.5.4)
      xpath (~> 2.0)
    chronic (0.10.2)
    cliver (0.3.2)
    concurrent-ruby (1.0.2)
    crabgrass_media (0.1.1)
      activesupport (>= 3.2)
    daemons (1.2.4)
    delayed_job (4.1.2)
      activesupport (>= 3.0, < 5.1)
    delayed_job_active_record (4.1.1)
      activerecord (>= 3.0, < 5.1)
      delayed_job (>= 3.0, < 5)
    erubis (2.7.0)
    execjs (2.7.0)
    factory_girl (4.7.0)
      activesupport (>= 3.0.0)
    factory_girl_rails (4.7.0)
      factory_girl (~> 4.7.0)
      railties (>= 3.0.0)
    faker (1.0.1)
      i18n (~> 0.4)
    ffi (1.9.14)
    globalid (0.3.7)
      activesupport (>= 4.1.0)
    haml (4.0.7)
      tilt
    haml-rails (0.9.0)
      actionpack (>= 4.0.1)
      activesupport (>= 4.0.1)
      haml (>= 4.0.6, < 5.0)
      html2haml (>= 1.0.1)
      railties (>= 4.0.1)
    html2haml (2.0.0)
      erubis (~> 2.7.0)
      haml (~> 4.0.0)
      nokogiri (~> 1.6.0)
      ruby_parser (~> 3.5)
    http_accept_language (2.0.5)
    i18n (0.7.0)
    innertube (1.1.0)
    joiner (0.3.4)
      activerecord (>= 4.1.0)
    json (1.8.3)
    libv8 (3.16.14.15)
    loofah (2.0.3)
      nokogiri (>= 1.5.9)
    mail (2.6.4)
      mime-types (>= 1.16, < 4)
    metaclass (0.0.4)
    middleware (0.1.0)
    mime-types (3.1)
      mime-types-data (~> 3.2015)
    mime-types-data (3.2016.0521)
    mini_portile2 (2.1.0)
    minitest (5.9.0)
    mocha (1.1.0)
      metaclass (~> 0.0.1)
    mysql2 (0.3.21)
    nokogiri (1.6.8)
      mini_portile2 (~> 2.1.0)
      pkg-config (~> 1.1.7)
    phantomjs-binaries (1.9.8.0)
      sys-uname (= 0.9.0)
    pkg-config (1.1.7)
    poltergeist (1.10.0)
      capybara (~> 2.1)
      cliver (~> 0.3.1)
      websocket-driver (>= 0.2.0)
    rack (1.6.4)
    rack-test (0.6.3)
      rack (>= 1.0)
    rails (4.2.7.1)
      actionmailer (= 4.2.7.1)
      actionpack (= 4.2.7.1)
      actionview (= 4.2.7.1)
      activejob (= 4.2.7.1)
      activemodel (= 4.2.7.1)
      activerecord (= 4.2.7.1)
      activesupport (= 4.2.7.1)
      bundler (>= 1.3.0, < 2.0)
      railties (= 4.2.7.1)
      sprockets-rails
    rails-deprecated_sanitizer (1.0.3)
      activesupport (>= 4.2.0.alpha)
    rails-dom-testing (1.0.7)
      activesupport (>= 4.2.0.beta, < 5.0)
      nokogiri (~> 1.6.0)
      rails-deprecated_sanitizer (>= 1.0.1)
    rails-html-sanitizer (1.0.3)
      loofah (~> 2.0)
    railties (4.2.7.1)
      actionpack (= 4.2.7.1)
      activesupport (= 4.2.7.1)
      rake (>= 0.8.7)
      thor (>= 0.18.1, < 2.0)
    rake (10.5.0)
    rdoc (4.2.2)
      json (~> 1.4)
    ref (2.0.0)
    riddle (1.5.12)
    ruby_parser (3.8.2)
      sexp_processor (~> 4.1)
    rubyzip (1.1.7)
    sass (3.4.22)
    sdoc (0.4.1)
      json (~> 1.7, >= 1.7.7)
      rdoc (~> 4.0)
    sexp_processor (4.7.0)
    spring (1.7.2)
    sprockets (3.7.0)
      concurrent-ruby (~> 1.0)
      rack (> 1, < 3)
    sprockets-rails (3.1.1)
      actionpack (>= 4.0)
      activesupport (>= 4.0)
      sprockets (>= 3.0.0)
    sqlite3 (1.3.11)
    sys-uname (0.9.0)
      ffi (>= 1.0.0)
    therubyracer (0.12.2)
      libv8 (~> 3.16.14.0)
      ref
    thinking-sphinx (3.1.4)
      activerecord (>= 3.1.0)
      builder (>= 2.1.2)
      innertube (>= 1.0.2)
      joiner (>= 0.2.0)
      middleware (>= 0.1.0)
      riddle (>= 1.5.11)
    thor (0.19.1)
    thread_safe (0.3.5)
    tilt (2.0.5)
    ts-delayed-delta (2.0.2)
      delayed_job
      thinking-sphinx (>= 1.5.0)
    tzinfo (1.2.2)
      thread_safe (~> 0.1)
    uglifier (3.0.2)
      execjs (>= 0.3.0, < 3)
    utf8-cleaner (0.2.5)
      activesupport
    validates_email_format_of (1.6.3)
      i18n
    websocket-driver (0.6.4)
      websocket-extensions (>= 0.1.0)
    websocket-extensions (0.1.2)
    whenever (0.9.7)
      chronic (>= 0.6.3)
    will_paginate (3.1.0)
    xpath (2.0.0)
      nokogiri (~> 1.3)
    zip-zip (0.3)
      rubyzip (>= 1.0.0)

PLATFORMS
  ruby

DEPENDENCIES
  RedCloth (~> 4.2)
  aasm (~> 3.4)
  actionpack-page_caching
  acts-as-taggable-on (~> 3.5)
  acts_as_list (~> 0.4)
  bcrypt (~> 3.1.7)
  bundler-audit
  byebug
  capybara
  crabgrass_media (~> 0.1.1)
  daemons
  delayed_job_active_record (~> 4.0)
  factory_girl_rails
  faker (~> 1.0.0)
  greencloth!
  haml (~> 4.0)
  haml-rails (~> 0.9.0)
  http_accept_language (~> 2.0)
  i18n (~> 0.7)
  json (~> 1.8)
  mime-types
  minitest
  mocha (~> 1.1)
  mysql2 (~> 0.3.18)
  phantomjs-binaries (~> 1.8)
  poltergeist (~> 1.5)
  prototype-rails!
  prototype_legacy_helper (= 0.0.0)!
  rails (~> 4.2.7)
  rake (~> 10.0)
  rubyzip (~> 1.1.0)
  sass
  sdoc
  spring
  sqlite3
  therubyracer
  thinking-sphinx (= 3.1.4)
  ts-delayed-delta (~> 2.0)
  uglifier (>= 1.3.0)
  utf8-cleaner
  validates_email_format_of (~> 1.6)
  whenever
  will_paginate (~> 3.1)
  zip-zip

BUNDLED WITH
   1.14.3
