GIT
  remote: https://github.com/rails/prototype_legacy_helper.git
  revision: a2cd95c3e3c1a4f7a9566efdab5ce59c886cb05f
  specs:
    prototype_legacy_helper (0.0.0)

GIT
  remote: https://github.com/thedarkone/rails-dev-boost.git
  revision: a709a10b06b7d9fc4a9846bc613c60c86af9dd7c
  specs:
    rails-dev-boost (0.3.0)
      railties (>= 3.0)

PATH
  remote: vendor/gems/riseuplabs-greencloth-0.1
  specs:
    greencloth (0.1)
      RedCloth (>= 4.2.2)

PATH
  remote: vendor/gems/riseuplabs-uglify_html-0.12
  specs:
    uglify_html (0.12)
      hpricot

PATH
  remote: vendor/gems/riseuplabs-undress-0.2.4
  specs:
    undress (0.2.4)
      hpricot

GEM
  remote: https://rubygems.org/
  specs:
    RedCloth (4.3.2)
    aasm (3.4.0)
    actionmailer (3.2.22.5)
      actionpack (= 3.2.22.5)
      mail (~> 2.5.4)
    actionpack (3.2.22.5)
      activemodel (= 3.2.22.5)
      activesupport (= 3.2.22.5)
      builder (~> 3.0.0)
      erubis (~> 2.7.0)
      journey (~> 1.0.4)
      rack (~> 1.4.5)
      rack-cache (~> 1.2)
      rack-test (~> 0.6.1)
      sprockets (~> 2.2.1)
    activemodel (3.2.22.5)
      activesupport (= 3.2.22.5)
      builder (~> 3.0.0)
    activerecord (3.2.22.5)
      activemodel (= 3.2.22.5)
      activesupport (= 3.2.22.5)
      arel (~> 3.0.2)
      tzinfo (~> 0.3.29)
    activeresource (3.2.22.5)
      activemodel (= 3.2.22.5)
      activesupport (= 3.2.22.5)
    activesupport (3.2.22.5)
      i18n (~> 0.6, >= 0.6.4)
      multi_json (~> 1.0)
    acts-as-taggable-on (2.4.1)
      rails (>= 3, < 5)
    acts_as_list (0.7.2)
      activerecord (>= 3.0)
    arel (3.0.3)
    bcrypt-ruby (3.0.1)
    builder (3.0.4)
    bundler-audit (0.5.0)
      bundler (~> 1.2)
      thor (~> 0.18)
    byebug (8.2.1)
    cache_digests (0.3.1)
      actionpack (>= 3.2)
      thread_safe
    capybara (2.5.0)
      mime-types (>= 1.16)
      nokogiri (>= 1.3.3)
      rack (>= 1.0.0)
      rack-test (>= 0.5.4)
      xpath (~> 2.0)
    chronic (0.10.2)
    cliver (0.3.2)
    coffee-rails (3.2.2)
      coffee-script (>= 2.2.0)
      railties (~> 3.2.0)
    coffee-script (2.4.1)
      coffee-script-source
      execjs
    coffee-script-source (1.10.0)
    columnize (0.9.0)
    crabgrass_media (0.0.5)
      activesupport (>= 3.2)
    daemons (1.2.3)
    debugger (1.6.8)
      columnize (>= 0.3.1)
      debugger-linecache (~> 1.2.0)
      debugger-ruby_core_source (~> 1.3.5)
    debugger-linecache (1.2.0)
    debugger-ruby_core_source (1.3.8)
    delayed_job (4.1.1)
      activesupport (>= 3.0, < 5.0)
    delayed_job_active_record (4.1.0)
      activerecord (>= 3.0, < 5)
      delayed_job (>= 3.0, < 5)
    erubis (2.7.0)
    eventmachine (1.0.8)
    execjs (2.6.0)
    factory_girl (4.5.0)
      activesupport (>= 3.0.0)
    factory_girl_rails (4.5.0)
      factory_girl (~> 4.5.0)
      railties (>= 3.0.0)
    faker (1.0.1)
      i18n (~> 0.4)
    ffi (1.9.10)
    haml (4.0.7)
      tilt
    hike (1.2.3)
    hpricot (0.8.6)
    http_accept_language (2.0.5)
    i18n (0.7.0)
    innertube (1.1.0)
    joiner (0.2.0)
      activerecord (>= 3.1.0, < 4.1.0)
    journey (1.0.4)
    jsmin (1.0.1)
    json (1.8.6)
    libv8 (3.16.14.13)
    mail (2.5.4)
      mime-types (~> 1.16)
      treetop (~> 1.4.8)
    metaclass (0.0.4)
    middleware (0.1.0)
    mime-types (1.25.1)
    mini_portile2 (2.1.0)
    minitest (4.7.5)
    mocha (1.1.0)
      metaclass (~> 0.0.1)
    multi_json (1.12.1)
    mysql2 (0.3.20)
    nokogiri (1.7.0.1)
      mini_portile2 (~> 2.1.0)
    phantomjs-binaries (1.9.8.0)
      sys-uname (= 0.9.0)
    poltergeist (1.8.1)
      capybara (~> 2.1)
      cliver (~> 0.3.1)
      multi_json (~> 1.0)
      websocket-driver (>= 0.2.0)
    polyglot (0.3.5)
    prototype-rails (3.2.1)
      rails (~> 3.2)
    rack (1.4.7)
    rack-cache (1.7.0)
      rack (>= 0.4)
    rack-ssl (1.3.4)
      rack
    rack-test (0.6.3)
      rack (>= 1.0)
    rails (3.2.22.5)
      actionmailer (= 3.2.22.5)
      actionpack (= 3.2.22.5)
      activerecord (= 3.2.22.5)
      activeresource (= 3.2.22.5)
      activesupport (= 3.2.22.5)
      bundler (~> 1.0)
      railties (= 3.2.22.5)
    rails3_before_render (0.2.0)
    railties (3.2.22.5)
      actionpack (= 3.2.22.5)
      activesupport (= 3.2.22.5)
      rack-ssl (~> 1.3.2)
      rake (>= 0.8.7)
      rdoc (~> 3.4)
      thor (>= 0.14.6, < 2.0)
    rake (10.5.0)
    rb-inotify (0.9.5)
      ffi (>= 0.5.0)
    rdoc (3.12.2)
      json (~> 1.4)
    ref (2.0.0)
    riddle (1.5.12)
    rubyzip (1.1.7)
    sass (3.4.21)
    sass-rails (3.2.6)
      railties (~> 3.2.0)
      sass (>= 3.1.10)
      tilt (~> 1.3)
    sprockets (2.2.3)
      hike (~> 1.2)
      multi_json (~> 1.0)
      rack (~> 1.0)
      tilt (~> 1.1, != 1.3.0)
    sqlite3 (1.3.11)
    strong_parameters (0.2.3)
      actionpack (~> 3.0)
      activemodel (~> 3.0)
      activesupport (~> 3.0)
      railties (~> 3.0)
    sys-uname (0.9.0)
      ffi (>= 1.0.0)
    therubyracer (0.12.2)
      libv8 (~> 3.16.14.0)
      ref
    thin (1.6.4)
      daemons (~> 1.0, >= 1.0.9)
      eventmachine (~> 1.0, >= 1.0.4)
      rack (~> 1.0)
    thinking-sphinx (3.1.4)
      activerecord (>= 3.1.0)
      builder (>= 2.1.2)
      innertube (>= 1.0.2)
      joiner (>= 0.2.0)
      middleware (>= 0.1.0)
      riddle (>= 1.5.11)
    thor (0.19.4)
    thread_safe (0.3.5)
    tilt (1.4.1)
    treetop (1.4.15)
      polyglot
      polyglot (>= 0.3.1)
    ts-delayed-delta (2.0.2)
      delayed_job
      thinking-sphinx (>= 1.5.0)
    tzinfo (0.3.52)
    uglifier (2.7.2)
      execjs (>= 0.3.0)
      json (>= 1.8.0)
    validates_email_format_of (1.6.3)
      i18n
    websocket-driver (0.6.3)
      websocket-extensions (>= 0.1.0)
    websocket-extensions (0.1.2)
    whenever (0.9.4)
      chronic (>= 0.6.3)
    will_paginate (3.0.6)
    xpath (2.0.0)
      nokogiri (~> 1.3)
    zip-zip (0.3)
      rubyzip (>= 1.0.0)

PLATFORMS
  ruby

DEPENDENCIES
  RedCloth (~> 4.2)
  aasm (~> 3.4)
  acts-as-taggable-on (~> 2.4.1)
  acts_as_list (~> 0.4)
  bcrypt-ruby (~> 3.0.0)
  bundler-audit
  byebug
  cache_digests (~> 0.3)
  capybara
  coffee-rails (~> 3.2.2)
  crabgrass_media (~> 0.0.5)
  daemons
  debugger
  delayed_job_active_record (~> 4.0)
  factory_girl_rails
  faker (~> 1.0.0)
  greencloth!
  haml (~> 4.0)
  hpricot (~> 0.8)
  http_accept_language (~> 2.0)
  i18n (~> 0.7)
  jsmin
  json (~> 1.8)
  mime-types
  minitest (~> 4.7)
  mocha (~> 1.1)
  mysql2 (~> 0.3.10)
  phantomjs-binaries (~> 1.8)
  poltergeist (~> 1.5)
  prototype-rails (~> 3.2.1)
  prototype_legacy_helper (= 0.0.0)!
  rails (~> 3.2.22)
  rails-dev-boost!
  rails3_before_render
  rake (~> 10.0)
  rb-inotify (~> 0.9)
  rdoc (~> 3.0)
  rubyzip (~> 1.1.0)
  sass
  sass-rails (~> 3.2.6)
  sqlite3
  strong_parameters (~> 0.2)
  therubyracer
  thin
  thinking-sphinx (= 3.1.4)
  ts-delayed-delta (~> 2.0)
  uglifier (>= 1.0.3)
  uglify_html!
  undress!
  validates_email_format_of (~> 1.6)
  whenever
  will_paginate (= 3.0.6)
  zip-zip

BUNDLED WITH
   1.14.3
